GEM
  remote: https://rubygems.org/
  specs:
    csv (3.1.2)
    sqlite3 (1.3.11)
    sqlite3 (1.3.11-x64-mingw32)

PLATFORMS
  ruby
  x64-mingw32

DEPENDENCIES
  csv
  sqlite3

BUNDLED WITH
   1.17.2
